GEM
  remote: https://rubygems.org/
  specs:
    robotex (1.0.0)

PLATFORMS
  ruby

DEPENDENCIES
  robotex

BUNDLED WITH
   1.11.2
